GEM
  remote: http://rubygems.org/
  specs:
    amqp (0.7.4)
      eventmachine
    backports (2.3.0)
    bit-struct (0.13.6)
    configuration (1.2.0)
    eventmachine (1.0.0.beta.3)
    extlib (0.9.15)
    ipaddress (0.8.0)
    isono (0.2.9)
      amqp (= 0.7.4)
      eventmachine (= 1.0.0.beta.3)
      log4r
      statemachine (>= 1.0.0)
    json (1.5.3)
    kgio (2.7.2)
    log4r (1.1.9)
    mysql (2.8.1)
    net-dhcp (1.1.1)
    rack (1.4.1)
    rack-protection (1.2.0)
      rack
    rack-test (0.6.1)
      rack (>= 1.0)
    racket (1.0.11)
      bit-struct
    raindrops (0.8.0)
    rake (0.9.2.2)
    ruby-hmac (0.4.0)
    sequel (3.31.0)
    sinatra (1.3.2)
      rack (~> 1.3, >= 1.3.6)
      rack-protection (~> 1.2)
      tilt (~> 1.3, >= 1.3.3)
    sinatra-contrib (1.3.1)
      backports (>= 2.0)
      eventmachine
      rack-protection
      rack-test
      sinatra (~> 1.3.0)
      tilt (~> 1.3)
    statemachine (1.1.1)
    thor (0.14.6)
    tilt (1.3.3)
    unicorn (4.2.0)
      kgio (~> 2.6)
      rack
      raindrops (~> 0.7)

PLATFORMS
  ruby

DEPENDENCIES
  bit-struct (>= 0.13.6)
  configuration
  extlib (= 0.9.15)
  ipaddress (= 0.8.0)
  isono (= 0.2.9)
  json (>= 1.2.0)
  mysql (>= 2.8.1)
  net-dhcp (>= 1.1.0)
  rack (= 1.4.1)
  racket (>= 1.0.11)
  rake (= 0.9.2.2)
  ruby-hmac
  sequel (= 3.31.0)
  sinatra (= 1.3.2)
  sinatra-contrib (= 1.3.1)
  thor (= 0.14.6)
  unicorn (= 4.2.0)
